GIT
  remote: git://github.com/foexle/ruby-xen.git
  revision: feb190ac36d4490a127514bf0b16cfc96bd56f2b
  specs:
    xen (0.0.3)

GEM
  remote: http://rubygems.org/
  specs:
    grape (0.1.3)
      json
      multi_json
      multi_xml
      rack
      rack-jsonp
      rack-mount (~> 0.6.13)
    json (1.5.1)
    log4r (1.1.9)
    multi_json (0.0.5)
    multi_xml (0.2.1)
    rack (1.2.1)
    rack-jsonp (1.1.0)
      rack
    rack-mount (0.6.13)
      rack (>= 1.0.0)

PLATFORMS
  ruby

DEPENDENCIES
  grape
  log4r
  xen!
